GIT
  remote: https://github.com/maclover7/macluster-deploy
  revision: 2b222d75e58c7f7cea45997199b521892b238c5e
  specs:
    macluster-deploy (0)

GEM
  remote: https://rubygems.org/
  specs:
    coderay (1.1.1)
    foreman (0.83.0)
      thor (~> 0.19.1)
    method_source (0.8.2)
    pry (0.10.4)
      coderay (~> 1.1.0)
      method_source (~> 0.8.1)
      slop (~> 3.4)
    puma (3.8.2)
    rack (1.6.5)
    rack-protection (1.5.3)
      rack
    sinatra (1.4.8)
      rack (~> 1.5)
      rack-protection (~> 1.4)
      tilt (>= 1.3, < 3)
    slop (3.6.0)
    thor (0.19.4)
    tilt (2.0.7)

PLATFORMS
  ruby

DEPENDENCIES
  foreman
  macluster-deploy!
  pry
  puma
  sinatra

BUNDLED WITH
   1.14.6
