GEM
  remote: https://rubygems.org/
  specs:
    foreman (0.83.0)
      thor (~> 0.19.1)
    puma (3.8.2)
    rack (1.6.5)
    rack-protection (1.5.3)
      rack
    sinatra (1.4.8)
      rack (~> 1.5)
      rack-protection (~> 1.4)
      tilt (>= 1.3, < 3)
    thor (0.19.4)
    tilt (2.0.7)

PLATFORMS
  ruby

DEPENDENCIES
  foreman
  puma
  sinatra

BUNDLED WITH
   1.14.6
